GEM
  remote: https://rubygems.org/
  specs:
    babosa (1.0.2)
    colored (1.2)
    commander (4.3.5)
      highline (~> 1.7.2)
    credentials_manager (0.11.0)
      colored
      highline (>= 1.7.1)
      security
    excon (0.45.4)
    faraday (0.9.1)
      multipart-post (>= 1.2, < 3)
    fastlane_core (0.26.6)
      babosa
      colored
      commander (>= 4.3.5)
      credentials_manager (>= 0.11.0, < 1.0.0)
      excon (~> 0.45.0)
      highline (>= 1.7.2)
      json
      multi_json
      plist (~> 3.1)
      rubyzip (~> 1.1.6)
      sentry-raven (~> 0.15)
      terminal-table (~> 1.4.5)
    highline (1.7.3)
    json (1.8.3)
    multi_json (1.11.2)
    multipart-post (2.0.0)
    plist (3.1.0)
    rouge (1.10.1)
    rubyzip (1.1.7)
    scan (0.3.2)
      fastlane_core (>= 0.26.6, < 1.0.0)
      slack-notifier (~> 1.3)
      terminal-table
      xcpretty (>= 0.2.1)
      xcpretty-travis-formatter (>= 0.0.3)
    security (0.1.3)
    sentry-raven (0.15.2)
      faraday (>= 0.7.6)
    slack-notifier (1.4.0)
    terminal-table (1.4.5)
    xcpretty (0.2.1)
      rouge (~> 1.8)
    xcpretty-travis-formatter (0.0.4)
      xcpretty (~> 0.2, >= 0.0.7)

PLATFORMS
  ruby

DEPENDENCIES
  scan

BUNDLED WITH
   1.10.6
